GEM
  remote: https://rubygems.org/
  specs:
    bourbon (4.0.2)
      sass (~> 3.3)
      thor
    breakpoint (2.5.0)
      sass (~> 3.3)
      sassy-maps (< 1.0.0)
    sass (3.4.2)
    sassy-maps (0.4.0)
      sass (~> 3.3)
    thor (0.19.1)

PLATFORMS
  ruby

DEPENDENCIES
  bourbon
  breakpoint
